GEM
  remote: http://rubygems.org/
  specs:
    activesupport (3.0.1)
    gemcutter (0.6.1)
    git (1.2.5)
    i18n (0.4.1)
    jeweler (1.4.0)
      gemcutter (>= 0.1.0)
      git (>= 1.2.5)
      rubyforge (>= 2.0.0)
    json_pure (1.4.6)
    rack (1.2.1)
    rake (0.8.7)
    rspec (1.3.1)
    rubyforge (2.0.4)
      json_pure (>= 1.1.7)
    tzinfo (0.3.23)

PLATFORMS
  ruby

DEPENDENCIES
  activesupport (~> 3.0.1)
  i18n (~> 0.4.1)
  jeweler (~> 1.4.0)
  rack (~> 1.2.1)
  rake (~> 0.8.7)
  rspec (~> 1.3.1)
  tzinfo (~> 0.3.23)
