GEM
  remote: http://rubygems.org/
  specs:
    activesupport (3.0.7)
    chunky_png (1.2.0)
    compass (0.11.1)
      chunky_png (~> 1.1)
      fssm (>= 0.2.7)
      sass (~> 3.1)
    diff-lcs (1.1.2)
    fssm (0.2.7)
    gemcutter (0.6.1)
    git (1.2.5)
    haml (3.1.1)
    i18n (0.6.0)
    jeweler (1.4.0)
      gemcutter (>= 0.1.0)
      git (>= 1.2.5)
      rubyforge (>= 2.0.0)
    json_pure (1.4.6)
    rack (1.3.0)
    rake (0.9.0)
    rspec (2.6.0)
      rspec-core (~> 2.6.0)
      rspec-expectations (~> 2.6.0)
      rspec-mocks (~> 2.6.0)
    rspec-core (2.6.3)
    rspec-expectations (2.6.0)
      diff-lcs (~> 1.1.2)
    rspec-mocks (2.6.0)
    rubyforge (2.0.4)
      json_pure (>= 1.1.7)
    sass (3.1.1)
    tilt (1.3.1)
    tzinfo (0.3.27)

PLATFORMS
  ruby

DEPENDENCIES
  activesupport (~> 3.0.7)
  compass (~> 0.11.1)
  haml (~> 3.1.1)
  i18n (~> 0.6.0)
  jeweler (~> 1.4.0)
  rack (~> 1.3.0)
  rake (~> 0.9.0)
  rspec (~> 2.6.0)
  sass (~> 3.1.1)
  tilt (~> 1.3.1)
  tzinfo (~> 0.3.27)
