GEM
  remote: http://gemcutter.org/
  specs:
    activesupport (3.0.0.beta4)
    gemcutter (0.5.0)
      json_pure
    git (1.2.5)
    i18n (0.4.1)
    jeweler (1.4.0)
      gemcutter (>= 0.1.0)
      git (>= 1.2.5)
      rubyforge (>= 2.0.0)
    json_pure (1.4.3)
    rack (1.1.0)
    rake (0.8.7)
    rspec (1.3.0)
    rubyforge (2.0.4)
      json_pure (>= 1.1.7)
    tzinfo (0.3.22)

PLATFORMS
  ruby

DEPENDENCIES
  activesupport (>= 3.0.0.beta)
  i18n
  jeweler
  rack (= 1.1.0)
  rake
  rspec (= 1.3.0)
  tzinfo
